PATH
  remote: ../rulers
  specs:
    rulers (0.2.0)
      erubis (~> 2.0)
      multi_json (~> 1.0)
      rack (~> 2.0)
      sqlite3 (~> 1.3)

GEM
  remote: http://rubygems.org/
  specs:
    erubis (2.7.0)
    ffi (1.9.14)
    listen (3.1.5)
      rb-fsevent (~> 0.9, >= 0.9.4)
      rb-inotify (~> 0.9, >= 0.9.7)
      ruby_dep (~> 1.2)
    multi_json (1.12.1)
    rack (2.0.1)
    rb-fsevent (0.9.7)
    rb-inotify (0.9.7)
      ffi (>= 0.5.0)
    rerun (0.11.0)
      listen (~> 3.0)
    ruby_dep (1.4.0)
    sqlite3 (1.3.12)

PLATFORMS
  ruby

DEPENDENCIES
  rerun
  rulers!

BUNDLED WITH
   1.13.0
